GEM
  remote: http://rubygems.org/
  specs:
    RedCloth (4.2.7)
    erector (0.8.2)
      rake
      treetop (>= 1.2.3)
    flickraw (0.8.4)
      json (>= 1.1.1)
    htmlentities (4.3.0)
    json (1.5.1)
    kramdown (0.13.2)
    polyglot (0.3.1)
    rack (1.2.2)
    rake (0.8.7)
    sinatra (1.2.3)
      rack (~> 1.1)
      tilt (>= 1.2.2, < 2.0)
    tilt (1.3)
    treetop (1.4.9)
      polyglot (>= 0.3.1)

PLATFORMS
  ruby

DEPENDENCIES
  RedCloth
  erector
  flickraw
  htmlentities
  kramdown
  sinatra
