GIT
  remote: git://github.com/telent/thin-prefork.git
  revision: e3d487da755b57f1de982ba12337c098fa342c79
  specs:
    thin-prefork (0.02)

GEM
  remote: http://rubygems.org/
  specs:
    RedCloth (4.2.7)
    builder (3.0.0)
    daemons (1.1.0)
    erector (0.8.2)
      rake
      treetop (>= 1.2.3)
    eventmachine (0.12.10)
    flickraw (0.8.4)
      json (>= 1.1.1)
    htmlentities (4.3.0)
    json (1.5.1)
    kramdown (0.13.2)
    polyglot (0.3.1)
    rack (1.2.2)
    rake (0.8.7)
    sinatra (1.2.3)
      rack (~> 1.1)
      tilt (>= 1.2.2, < 2.0)
    thin (1.2.10)
      daemons (>= 1.0.9)
      eventmachine (>= 0.12.6)
      rack (>= 1.0.0)
    tilt (1.3)
    treetop (1.4.9)
      polyglot (>= 0.3.1)

PLATFORMS
  ruby

DEPENDENCIES
  RedCloth
  builder
  erector
  flickraw
  htmlentities
  kramdown
  sinatra
  thin
  thin-prefork!
